GIT
  remote: https://github.com/GabrielSandoval/jsonapi-resources-matchers.git
  revision: e187e74358ca41792a04b15eba59d7dcd44b4434
  branch: ae-rails_5_upgrade_dependencies-155929975
  specs:
    jsonapi-resources-matchers (1.1.0.alpha)
      jsonapi-resources (>= 0.9)

GIT
  remote: https://github.com/HQTrust/jsonapi-resources.git
  revision: 7ffcc52805f80536fe81b1c8ca55dee5216fba85
  branch: hqtrust
  specs:
    jsonapi-resources (0.10.0.pre)
      activerecord (>= 4.1)
      concurrent-ruby
      railties (>= 4.1)

GIT
  remote: https://github.com/ctran/annotate_models.git
  revision: e02d1222e25986ef5934ff9ef6f2fe7d079aca37
  branch: develop
  specs:
    annotate (2.7.3)
      activerecord (>= 3.2, < 6.0)
      rake (>= 10.4, < 13.0)

GIT
  remote: https://github.com/pry/pry.git
  revision: 782a09e057d1e714074d61891a5fba293eb9faca
  branch: master
  specs:
    pry (0.11.3)
      coderay (~> 1.1.0)
      method_source (~> 0.9.0)

GIT
  remote: https://github.com/stympy/faker.git
  revision: 3d622631c9137398ce07bc3eaae56d3cf80c16d7
  branch: master
  specs:
    faker (1.8.7)
      i18n (>= 0.7)

GIT
  remote: https://github.com/thoughtbot/shoulda-matchers.git
  revision: c0960bd72dd41c4e9bd8b4375254f539776bfe95
  branch: master
  specs:
    shoulda-matchers (3.1.2)
      activesupport (>= 4.2.0)

GEM
  remote: https://rubygems.org/
  specs:
    aasm (4.12.3)
      concurrent-ruby (~> 1.0)
    actioncable (5.2.0)
      actionpack (= 5.2.0)
      nio4r (~> 2.0)
      websocket-driver (>= 0.6.1)
    actionmailer (5.2.0)
      actionpack (= 5.2.0)
      actionview (= 5.2.0)
      activejob (= 5.2.0)
      mail (~> 2.5, >= 2.5.4)
      rails-dom-testing (~> 2.0)
    actionpack (5.2.0)
      actionview (= 5.2.0)
      activesupport (= 5.2.0)
      rack (~> 2.0)
      rack-test (>= 0.6.3)
      rails-dom-testing (~> 2.0)
      rails-html-sanitizer (~> 1.0, >= 1.0.2)
    actionview (5.2.0)
      activesupport (= 5.2.0)
      builder (~> 3.1)
      erubi (~> 1.4)
      rails-dom-testing (~> 2.0)
      rails-html-sanitizer (~> 1.0, >= 1.0.3)
    activejob (5.2.0)
      activesupport (= 5.2.0)
      globalid (>= 0.3.6)
    activemodel (5.2.0)
      activesupport (= 5.2.0)
    activemodel-serializers-xml (1.0.2)
      activemodel (> 5.x)
      activesupport (> 5.x)
      builder (~> 3.1)
    activerecord (5.2.0)
      activemodel (= 5.2.0)
      activesupport (= 5.2.0)
      arel (>= 9.0)
    activerecord-import (0.23.0)
      activerecord (>= 3.2)
    activestorage (5.2.0)
      actionpack (= 5.2.0)
      activerecord (= 5.2.0)
      marcel (~> 0.3.1)
    activesupport (5.2.0)
      concurrent-ruby (~> 1.0, >= 1.0.2)
      i18n (>= 0.7, < 2)
      minitest (~> 5.1)
      tzinfo (~> 1.1)
    adamantium (0.2.0)
      ice_nine (~> 0.11.0)
      memoizable (~> 0.4.0)
    addressable (2.5.2)
      public_suffix (>= 2.0.2, < 4.0)
    akami (1.3.1)
      gyoku (>= 0.4.0)
      nokogiri
    arel (9.0.0)
    ast (2.4.0)
    awesome_print (1.8.0)
    aws-eventstream (1.0.0)
    aws-partitions (1.89.1)
    aws-sdk-core (3.21.2)
      aws-eventstream (~> 1.0)
      aws-partitions (~> 1.0)
      aws-sigv4 (~> 1.0)
      jmespath (~> 1.0)
    aws-sdk-kms (1.5.0)
      aws-sdk-core (~> 3)
      aws-sigv4 (~> 1.0)
    aws-sdk-rails (2.0.1)
      aws-sdk-ses (~> 1)
      railties (>= 3)
    aws-sdk-s3 (1.13.0)
      aws-sdk-core (~> 3, >= 3.21.2)
      aws-sdk-kms (~> 1)
      aws-sigv4 (~> 1.0)
    aws-sdk-ses (1.7.0)
      aws-sdk-core (~> 3)
      aws-sigv4 (~> 1.0)
    aws-sigv4 (1.0.2)
    bcrypt (3.1.12)
    brakeman (4.3.0)
    builder (3.2.3)
    bullet (5.7.5)
      activesupport (>= 3.0.0)
      uniform_notifier (~> 1.11.0)
    byebug (10.0.2)
    carmen (1.1.1)
      activesupport (>= 3.0.0)
    coderay (1.1.2)
    colorize (0.8.1)
    concurrent-ruby (1.0.5)
    connection_pool (2.2.2)
    crass (1.0.4)
    database_cleaner (1.7.0)
    devise (4.4.3)
      bcrypt (~> 3.0)
      orm_adapter (~> 0.1)
      railties (>= 4.1.0, < 6.0)
      responders
      warden (~> 1.2.3)
    devise-async (1.0.0)
      activejob (>= 5.0)
      devise (>= 4.0)
    devise-jwt (0.5.6)
      devise (~> 4.0)
      warden-jwt_auth (~> 0.3.5)
    devise_invitable (1.7.4)
      actionmailer (>= 4.1.0)
      devise (>= 4.0.0)
    diff-lcs (1.3)
    draper (3.0.1)
      actionpack (~> 5.0)
      activemodel (~> 5.0)
      activemodel-serializers-xml (~> 1.0)
      activesupport (~> 5.0)
      request_store (~> 1.0)
    dry-auto_inject (0.4.6)
      dry-container (>= 0.3.4)
    dry-configurable (0.7.0)
      concurrent-ruby (~> 1.0)
    dry-container (0.6.0)
      concurrent-ruby (~> 1.0)
      dry-configurable (~> 0.1, >= 0.1.3)
    email_validator (1.6.0)
      activemodel
    enumerize (2.2.2)
      activesupport (>= 3.2)
    equalizer (0.0.11)
    erubi (1.7.1)
    factory_bot (4.10.0)
      activesupport (>= 3.0.0)
    factory_bot_rails (4.10.0)
      factory_bot (~> 4.10.0)
      railties (>= 3.0.0)
    faraday (0.15.2)
      multipart-post (>= 1.2, < 3)
    ffi (1.9.23)
    get_process_mem (0.2.2)
    globalid (0.4.1)
      activesupport (>= 4.2.0)
    gyoku (1.3.1)
      builder (>= 2.1.2)
    httpi (2.4.3)
      rack
      socksify
    i18n (1.0.1)
      concurrent-ruby (~> 1.0)
    ibanizator (0.3.4)
      adamantium (~> 0.2.0)
      equalizer (~> 0.0.11)
    ice_nine (0.11.2)
    jmespath (1.4.0)
    jsonapi-authorization (1.0.0.alpha6)
      jsonapi-resources (~> 0.9)
      pundit (~> 1.0)
    jwt (2.1.0)
    listen (3.1.5)
      rb-fsevent (~> 0.9, >= 0.9.4)
      rb-inotify (~> 0.9, >= 0.9.7)
      ruby_dep (~> 1.2)
    loofah (2.2.2)
      crass (~> 1.0.2)
      nokogiri (>= 1.5.9)
    mail (2.7.0)
      mini_mime (>= 0.1.1)
    marcel (0.3.2)
      mimemagic (~> 0.3.2)
    memoizable (0.4.2)
      thread_safe (~> 0.3, >= 0.3.1)
    method_source (0.9.0)
    mimemagic (0.3.2)
    mini_mime (1.0.0)
    mini_portile2 (2.3.0)
    minitest (5.11.3)
    money (6.11.3)
      i18n (>= 0.6.4, < 1.1)
    multipart-post (2.0.0)
    nio4r (2.3.1)
    nokogiri (1.8.2)
      mini_portile2 (~> 2.3.0)
    nori (2.6.0)
    orm_adapter (0.5.0)
    parallel (1.12.1)
    parser (2.5.1.0)
      ast (~> 2.4.0)
    pg (0.21.0)
    phony (2.16.4)
    phony_rails (0.14.7)
      activesupport (>= 3.0)
      phony (> 2.15)
    powerpack (0.1.1)
    pry-byebug (3.6.0)
      byebug (~> 10.0)
      pry (~> 0.10)
    pry-rails (0.3.6)
      pry (>= 0.10.4)
    public_suffix (3.0.2)
    puma (3.11.4)
    pundit (1.1.0)
      activesupport (>= 3.0.0)
    r7insight (2.7.6)
    rack (2.0.5)
    rack-cors (1.0.2)
    rack-protection (2.0.1)
      rack
    rack-test (1.0.0)
      rack (>= 1.0, < 3)
    rails (5.2.0)
      actioncable (= 5.2.0)
      actionmailer (= 5.2.0)
      actionpack (= 5.2.0)
      actionview (= 5.2.0)
      activejob (= 5.2.0)
      activemodel (= 5.2.0)
      activerecord (= 5.2.0)
      activestorage (= 5.2.0)
      activesupport (= 5.2.0)
      bundler (>= 1.3.0)
      railties (= 5.2.0)
      sprockets-rails (>= 2.0.0)
    rails-dom-testing (2.0.3)
      activesupport (>= 4.2.0)
      nokogiri (>= 1.6)
    rails-html-sanitizer (1.0.4)
      loofah (~> 2.2, >= 2.2.2)
    railties (5.2.0)
      actionpack (= 5.2.0)
      activesupport (= 5.2.0)
      method_source
      rake (>= 0.8.7)
      thor (>= 0.18.1, < 2.0)
    rainbow (3.0.0)
    rake (12.3.1)
    rb-fsevent (0.10.3)
    rb-inotify (0.9.10)
      ffi (>= 0.5.0, < 2)
    redis (4.0.1)
    request_store (1.4.1)
      rack (>= 1.4)
    responders (2.4.0)
      actionpack (>= 4.2.0, < 5.3)
      railties (>= 4.2.0, < 5.3)
    rspec-core (3.7.1)
      rspec-support (~> 3.7.0)
    rspec-expectations (3.7.0)
      diff-lcs (>= 1.2.0, < 2.0)
      rspec-support (~> 3.7.0)
    rspec-mocks (3.7.0)
      diff-lcs (>= 1.2.0, < 2.0)
      rspec-support (~> 3.7.0)
    rspec-rails (3.7.2)
      actionpack (>= 3.0)
      activesupport (>= 3.0)
      railties (>= 3.0)
      rspec-core (~> 3.7.0)
      rspec-expectations (~> 3.7.0)
      rspec-mocks (~> 3.7.0)
      rspec-support (~> 3.7.0)
    rspec-support (3.7.1)
    rubocop (0.56.0)
      parallel (~> 1.10)
      parser (>= 2.5)
      powerpack (~> 0.1)
      rainbow (>= 2.2.2, < 4.0)
      ruby-progressbar (~> 1.7)
      unicode-display_width (~> 1.0, >= 1.0.1)
    rubocop-rspec (1.25.1)
      rubocop (>= 0.53.0)
    ruby-progressbar (1.9.0)
    ruby_dep (1.5.0)
    savon (2.12.0)
      akami (~> 1.2)
      builder (>= 2.1.2)
      gyoku (~> 1.2)
      httpi (~> 2.3)
      nokogiri (>= 1.8.1)
      nori (~> 2.4)
      wasabi (~> 3.4)
    sentry-raven (2.7.3)
      faraday (>= 0.7.6, < 1.0)
    sidekiq (5.1.3)
      concurrent-ruby (~> 1.0)
      connection_pool (~> 2.2, >= 2.2.0)
      rack-protection (>= 1.5.0)
      redis (>= 3.3.5, < 5)
    socksify (1.7.1)
    spring (2.0.2)
      activesupport (>= 4.2)
    spring-watcher-listen (2.0.1)
      listen (>= 2.7, < 4.0)
      spring (>= 1.2, < 3.0)
    sprockets (3.7.1)
      concurrent-ruby (~> 1.0)
      rack (> 1, < 3)
    sprockets-rails (3.2.1)
      actionpack (>= 4.0)
      activesupport (>= 4.0)
      sprockets (>= 3.0.0)
    steuernummer (1.1.3)
    terminal-table (1.8.0)
      unicode-display_width (~> 1.1, >= 1.1.1)
    thor (0.20.0)
    thread_safe (0.3.6)
    tzinfo (1.2.5)
      thread_safe (~> 0.1)
    tzinfo-data (1.2018.5)
      tzinfo (>= 1.0.0)
    unicode-display_width (1.3.3)
    uniform_notifier (1.11.0)
    validate_url (1.0.2)
      activemodel (>= 3.0.0)
      addressable
    valvat (0.7.2)
      savon (>= 2.3.0)
    warden (1.2.7)
      rack (>= 1.0)
    warden-jwt_auth (0.3.5)
      dry-auto_inject (~> 0.4)
      dry-configurable (~> 0.5)
      jwt (~> 2.1)
      warden (~> 1.2)
    wasabi (3.5.0)
      httpi (~> 2.0)
      nokogiri (>= 1.4.2)
    websocket-driver (0.7.0)
      websocket-extensions (>= 0.1.0)
    websocket-extensions (0.1.3)

PLATFORMS
  ruby

DEPENDENCIES
  aasm
  activerecord-import
  annotate!
  awesome_print
  aws-sdk-rails
  aws-sdk-s3
  brakeman
  bullet
  carmen
  colorize
  database_cleaner
  devise
  devise-async
  devise-jwt (~> 0.5.5)
  devise_invitable
  draper
  email_validator
  enumerize
  factory_bot_rails
  faker!
  get_process_mem
  ibanizator
  jsonapi-authorization (~> 1.0.0.alpha6)
  jsonapi-resources!
  jsonapi-resources-matchers!
  listen (>= 3.0.5, < 3.2)
  money
  pg (~> 0.18)
  phony_rails
  pry!
  pry-byebug
  pry-rails
  puma (~> 3.7)
  r7insight
  rack-cors
  rails (= 5.2.0)
  rspec-rails
  rubocop
  rubocop-rspec
  sentry-raven
  shoulda-matchers!
  sidekiq
  spring
  spring-watcher-listen (~> 2.0.0)
  steuernummer
  terminal-table
  tzinfo-data
  validate_url
  valvat

BUNDLED WITH
   1.16.1
